GEM
  remote: http://rubygems.org/
  specs:
    faraday (1.0.0)
      multipart-post (>= 1.2, < 3)
    hellosign-ruby-sdk (3.7.7)
      faraday
      mime-types
      multi_json
    mime-types (3.3.1)
      mime-types-data (~> 3.2015)
    mime-types-data (3.2019.1009)
    multi_json (1.14.1)
    multipart-post (2.1.1)

PLATFORMS
  ruby

DEPENDENCIES
  hellosign-ruby-sdk

BUNDLED WITH
   1.17.2
